GEM
  remote: https://rubygems.org/
  specs:
    ast (2.4.0)
    gosu (0.14.5)
    gosu (0.14.5-x64-mingw32)
    parallel (1.12.1)
    parser (2.5.1.0)
      ast (~> 2.4.0)
    powerpack (0.1.1)
    rainbow (3.0.0)
    rubocop (0.56.0)
      parallel (~> 1.10)
      parser (>= 2.5)
      powerpack (~> 0.1)
      rainbow (>= 2.2.2, < 4.0)
      ruby-progressbar (~> 1.7)
      unicode-display_width (~> 1.0, >= 1.0.1)
    ruby-progressbar (1.9.0)
    unicode-display_width (1.3.2)

PLATFORMS
  ruby
  x64-mingw32

DEPENDENCIES
  gosu (= 0.14.5)
  rubocop

RUBY VERSION
   ruby 2.5.3p105

BUNDLED WITH
   1.17.2
